GEM
  remote: https://rubygems.org/
  specs:
    ZenTest (4.11.1)
    autotest (4.4.6)
      ZenTest (>= 4.4.1)
    minitest (5.11.3)
    rake (12.3.0)

PLATFORMS
  ruby

DEPENDENCIES
  autotest (= 4.4.6)
  minitest (= 5.11.3)
  rake (= 12.3.0)

BUNDLED WITH
   1.16.0
